GEM
  remote: https://rubygems.org/
  specs:
    activesupport (6.1.7.3)
      concurrent-ruby (~> 1.0, >= 1.0.2)
      i18n (>= 1.6, < 2)
      minitest (>= 5.1)
      tzinfo (~> 2.0)
      zeitwerk (~> 2.3)
    bson (4.9.2)
    concurrent-ruby (1.2.2)
    graphite-api (1.1.1)
      timers (~> 4.3)
    i18n (1.12.0)
      concurrent-ruby (~> 1.0)
    minitest (5.18.0)
    mongo (2.12.1)
      bson (>= 4.8.2, < 5.0.0)
    timers (4.3.0)
    tzinfo (2.0.6)
      concurrent-ruby (~> 1.0)
    zeitwerk (2.6.7)

PLATFORMS
  ruby

DEPENDENCIES
  activesupport
  graphite-api
  mongo (~> 2.2)

BUNDLED WITH
   2.1.4
